GEM
  remote: http://rubygems.org/
  specs:
    abstract (1.0.0)
    actionmailer (3.0.3)
      actionpack (= 3.0.3)
      mail (~> 2.2.9)
    actionpack (3.0.3)
      activemodel (= 3.0.3)
      activesupport (= 3.0.3)
      builder (~> 2.1.2)
      erubis (~> 2.6.6)
      i18n (~> 0.4)
      rack (~> 1.2.1)
      rack-mount (~> 0.6.13)
      rack-test (~> 0.5.6)
      tzinfo (~> 0.3.23)
    activemodel (3.0.3)
      activesupport (= 3.0.3)
      builder (~> 2.1.2)
      i18n (~> 0.4)
    activerecord (3.0.3)
      activemodel (= 3.0.3)
      activesupport (= 3.0.3)
      arel (~> 2.0.2)
      tzinfo (~> 0.3.23)
    activeresource (3.0.3)
      activemodel (= 3.0.3)
      activesupport (= 3.0.3)
    activesupport (3.0.3)
    acts_as_list (0.1.2)
    albino (1.1)
    annotate (2.4.0)
    arel (2.0.6)
    babosa (0.2.0)
    bcrypt-ruby (2.1.2)
    builder (2.1.2)
    canable (0.1.1)
    compass (0.10.6)
      haml (>= 3.0.4)
    daemons (1.1.0)
    devise (1.1.5)
      bcrypt-ruby (~> 2.1.2)
      warden (~> 1.0.2)
    diff-lcs (1.1.2)
    erubis (2.6.6)
      abstract (>= 1.0.0)
    eventmachine (0.12.10)
    factory_girl (1.3.2)
    factory_girl_rails (1.0)
      factory_girl (~> 1.3)
      rails (>= 3.0.0.beta4)
    french_rails (0.2.5)
      rails (~> 3.0.0)
    friendly_id (3.1.8)
      babosa (~> 0.2.0)
    haml (3.0.25)
    htmlentities (4.2.2)
    i18n (0.5.0)
    jslint_on_rails (1.0.4)
    kgio (2.0.0)
    mail (2.2.12)
      activesupport (>= 2.3.6)
      i18n (>= 0.4.0)
      mime-types (~> 1.16)
      treetop (~> 1.4.8)
    mime-types (1.16)
    mysql2 (0.2.6)
    nokogiri (1.4.4)
    nono-redis-store (1.0.0)
      redis (>= 2.0.0)
    paperclip (2.3.8)
      activerecord
      activesupport
    polyglot (0.3.1)
    rack (1.2.1)
    rack-mount (0.6.13)
      rack (>= 1.0.0)
    rack-test (0.5.6)
      rack (>= 1.0)
    rails (3.0.3)
      actionmailer (= 3.0.3)
      actionpack (= 3.0.3)
      activerecord (= 3.0.3)
      activeresource (= 3.0.3)
      activesupport (= 3.0.3)
      bundler (~> 1.0)
      railties (= 3.0.3)
    rails3-generators (0.17.0)
      railties (>= 3.0.0)
    railties (3.0.3)
      actionpack (= 3.0.3)
      activesupport (= 3.0.3)
      rake (>= 0.8.7)
      thor (~> 0.14.4)
    rake (0.8.7)
    rdiscount (1.6.5)
    redis (2.1.1)
    rspec (2.3.0)
      rspec-core (~> 2.3.0)
      rspec-expectations (~> 2.3.0)
      rspec-mocks (~> 2.3.0)
    rspec-core (2.3.1)
    rspec-expectations (2.3.0)
      diff-lcs (~> 1.1.2)
    rspec-mocks (2.3.0)
    rspec-rails (2.3.1)
      actionpack (~> 3.0)
      activesupport (~> 3.0)
      railties (~> 3.0)
      rspec (~> 2.3.0)
    sanitize (1.2.1)
      nokogiri (~> 1.4.1)
    simple_autocomplete (0.3.6)
    sitemap_generator (1.3.6)
    state_machine (0.9.4)
    thin (1.2.7)
      daemons (>= 1.0.9)
      eventmachine (>= 0.12.6)
      rack (>= 1.0.0)
    thor (0.14.6)
    treetop (1.4.9)
      polyglot (>= 0.3.1)
    tzinfo (0.3.23)
    unicorn (3.1.0)
      kgio (~> 2.0.0)
      rack
    warden (1.0.3)
      rack (>= 1.0.0)
    webrat (0.7.2)
      nokogiri (>= 1.2.0)
      rack (>= 1.0)
      rack-test (>= 0.5.3)
    will_paginate (3.0.pre2)
    yajl-ruby (0.7.8)

PLATFORMS
  ruby

DEPENDENCIES
  acts_as_list (~> 0.1)
  albino (~> 1.0)
  annotate
  canable (~> 0.1)
  compass (~> 0.10)
  devise (~> 1.1)
  erubis (~> 2.6)
  factory_girl_rails (~> 1.0)
  french_rails (~> 0.2)
  friendly_id (~> 3.1)
  haml (~> 3.0)
  htmlentities (~> 4.2)
  jslint_on_rails
  mysql2 (~> 0.1)
  nokogiri (~> 1.4)
  nono-redis-store (~> 1.0)
  paperclip (~> 2.3)
  rails (~> 3.0.3)
  rails3-generators
  rdiscount (~> 1.6)
  redis (~> 2.1)
  rspec-rails (~> 2.3)
  sanitize (~> 1.2)
  simple_autocomplete (~> 0.3)
  sitemap_generator (~> 1.3)
  state_machine (~> 0.9)
  thin
  unicorn (~> 3.0)
  webrat (~> 0.7)
  will_paginate (>= 3.0.pre2)
  yajl-ruby (~> 0.7)
