GEM
  remote: http://rubygems.org/
  specs:
    abstract (1.0.0)
    actionmailer (3.0.0)
      actionpack (= 3.0.0)
      mail (~> 2.2.5)
    actionpack (3.0.0)
      activemodel (= 3.0.0)
      activesupport (= 3.0.0)
      builder (~> 2.1.2)
      erubis (~> 2.6.6)
      i18n (~> 0.4.1)
      rack (~> 1.2.1)
      rack-mount (~> 0.6.12)
      rack-test (~> 0.5.4)
      tzinfo (~> 0.3.23)
    activemodel (3.0.0)
      activesupport (= 3.0.0)
      builder (~> 2.1.2)
      i18n (~> 0.4.1)
    activerecord (3.0.0)
      activemodel (= 3.0.0)
      activesupport (= 3.0.0)
      arel (~> 1.0.0)
      tzinfo (~> 0.3.23)
    activeresource (3.0.0)
      activemodel (= 3.0.0)
      activesupport (= 3.0.0)
    activesupport (3.0.0)
    acts_as_list (0.1.2)
    albino (1.0)
    annotate (2.4.0)
    arel (1.0.1)
      activesupport (~> 3.0.0)
    babosa (0.2.0)
    bcrypt-ruby (2.1.2)
    builder (2.1.2)
    canable (0.1.1)
    compass (0.10.5)
      haml (>= 3.0.4)
    daemons (1.1.0)
    devise (1.1.3)
      bcrypt-ruby (~> 2.1.2)
      warden (~> 0.10.7)
    diff-lcs (1.1.2)
    dmarkow-raspell (1.2.2)
    erubis (2.6.6)
      abstract (>= 1.0.0)
    eventmachine (0.12.10)
    factory_girl (1.3.2)
    factory_girl_rails (1.0)
      factory_girl (~> 1.3)
      rails (>= 3.0.0.beta4)
    french_rails (0.2.5)
      rails (~> 3.0.0)
    friendly_id (3.1.7)
      babosa (~> 0.2.0)
    haml (3.0.21)
    htmlentities (4.2.1)
    i18n (0.4.1)
    jslint_on_rails (1.0.3)
    mail (2.2.7)
      activesupport (>= 2.3.6)
      mime-types
      treetop (>= 1.4.5)
    mime-types (1.16)
    mysql2 (0.2.4)
    nokogiri (1.4.3.1)
    paperclip (2.3.4)
      activerecord
      activesupport
    polyglot (0.3.1)
    rack (1.2.1)
    rack-mount (0.6.13)
      rack (>= 1.0.0)
    rack-test (0.5.6)
      rack (>= 1.0)
    rails (3.0.0)
      actionmailer (= 3.0.0)
      actionpack (= 3.0.0)
      activerecord (= 3.0.0)
      activeresource (= 3.0.0)
      activesupport (= 3.0.0)
      bundler (~> 1.0.0)
      railties (= 3.0.0)
    rails3-generators (0.14.0)
    railties (3.0.0)
      actionpack (= 3.0.0)
      activesupport (= 3.0.0)
      rake (>= 0.8.4)
      thor (~> 0.14.0)
    rake (0.8.7)
    rdiscount (1.6.5)
    redis (2.0.10)
    redis-store (1.0.0.beta3)
      redis (>= 2.0.0)
    rspec (2.0.0)
      rspec-core (= 2.0.0)
      rspec-expectations (= 2.0.0)
      rspec-mocks (= 2.0.0)
    rspec-core (2.0.0)
    rspec-expectations (2.0.0)
      diff-lcs (>= 1.1.2)
    rspec-mocks (2.0.0)
      rspec-core (= 2.0.0)
      rspec-expectations (= 2.0.0)
    rspec-rails (2.0.0)
      rspec (= 2.0.0)
    simple_autocomplete (0.3.6)
    sitemap_generator (1.1.1)
    state_machine (0.9.4)
    thin (1.2.7)
      daemons (>= 1.0.9)
      eventmachine (>= 0.12.6)
      rack (>= 1.0.0)
    thor (0.14.3)
    treetop (1.4.8)
      polyglot (>= 0.3.1)
    tzinfo (0.3.23)
    unicorn (1.1.4)
      rack
    validates_url_format_of (0.1.0)
      activerecord (>= 2.3.4)
    warden (0.10.7)
      rack (>= 1.0.0)
    webrat (0.7.1)
      nokogiri (>= 1.2.0)
      rack (>= 1.0)
      rack-test (>= 0.5.3)
    will_paginate (3.0.pre2)
    yajl-ruby (0.7.8)

PLATFORMS
  ruby

DEPENDENCIES
  acts_as_list (~> 0.1)
  albino (~> 1.0)
  annotate
  canable (~> 0.1)
  compass (~> 0.10)
  devise (~> 1.1)
  dmarkow-raspell (~> 1.2)
  erubis (~> 2.6)
  factory_girl_rails (~> 1.0)
  french_rails (~> 0.2)
  friendly_id (~> 3.1)
  haml (~> 3.0)
  htmlentities (~> 4.2)
  jslint_on_rails
  mysql2 (~> 0.1)
  nokogiri (~> 1.4)
  paperclip (~> 2.3)
  rails (~> 3.0.0)
  rails3-generators
  rdiscount (~> 1.6)
  redis (~> 2.0)
  redis-store (>= 1.0.0.beta3)
  rspec-rails (~> 2.0)
  simple_autocomplete (~> 0.3)
  sitemap_generator (~> 1.0)
  state_machine (~> 0.9)
  thin
  unicorn (~> 1.1)
  validates_url_format_of (~> 0.1)
  webrat (~> 0.7)
  will_paginate (>= 3.0.pre2)
  yajl-ruby (~> 0.7)
